PATH
  remote: .
  specs:
    test-belt (1.0.1)
      leftright (~> 0.9.0)

GEM
  remote: http://rubygems.org/
  specs:
    leftright (0.9.1)

PLATFORMS
  ruby

DEPENDENCIES
  bundler (~> 1.0)
  test-belt!
