PATH
  remote: .
  specs:
    test-belt (1.1.2)
      leftright (~> 0.9.0)

GEM
  remote: http://rubygems.org/
  specs:
    leftright (0.9.1)
    rake (0.9.2)

PLATFORMS
  ruby

DEPENDENCIES
  bundler (~> 1.0)
  rake
  test-belt!
